GEM
  remote: https://rubygems.org/
  specs:
    addressable (2.8.7)
      public_suffix (>= 2.0.2, < 7.0)
    json-schema (2.8.1)
      addressable (>= 2.4)
    public_suffix (6.0.0)
    rake (13.2.1)

PLATFORMS
  arm64-darwin-23
  ruby

DEPENDENCIES
  json-schema (~> 2.8, >= 2.8.1)
  rake (~> 13.2, >= 13.2.1)

BUNDLED WITH
   2.5.6
